GEM
  remote: https://rubygems.org/
  specs:
    activesupport (3.2.8)
      i18n (~> 0.6)
      multi_json (~> 1.0)
    addressable (2.3.2)
    bson (1.7.0)
    bson_ext (1.7.0)
      bson (~> 1.7.0)
    cld (0.6.0)
      ffi
    commander (4.1.2)
      highline (~> 1.6.11)
    daemons (1.1.9)
    em-hiredis (0.1.1)
      hiredis (~> 0.4.0)
    em-http-request (0.2.7)
      addressable (>= 2.0.0)
      eventmachine (>= 0.12.9)
    em-websocket (0.3.8)
      addressable (>= 2.1.1)
      eventmachine (>= 0.12.9)
    eventmachine (1.0.0)
    ffi (1.1.5)
    fnordmetric (1.0.0)
      activesupport
      bson_ext (>= 1.4.0)
      em-hiredis (= 0.1.1)
      eventmachine
      haml
      i18n
      json
      rack
      rack-test
      redis (>= 2.2.2)
      sinatra (>= 1.2.6)
      thin (~> 1.3.0)
      websocket-rack (= 0.4.0)
      yajl-ruby
    haml (3.1.7)
    highline (1.6.15)
    hiredis (0.4.5)
    http_parser.rb (0.5.3)
    i18n (0.6.1)
    json (1.7.5)
    kermit (1.0.4)
      commander (~> 4.1.2)
      em-http-request (= 0.2.7)
      em-websocket (~> 0.3.8)
      json (~> 1.7.3)
      rake (~> 0.9.2.2)
      redis (~> 3.0.1)
      settingslogic (~> 2.0.8)
      twitter-stream (~> 0.1.16)
    multi_json (1.3.6)
    rack (1.4.1)
    rack-protection (1.2.0)
      rack
    rack-test (0.6.2)
      rack (>= 1.0)
    rake (0.9.2.2)
    redis (3.0.2)
    settingslogic (2.0.8)
    simple_oauth (0.1.9)
    sinatra (1.3.3)
      rack (~> 1.3, >= 1.3.6)
      rack-protection (~> 1.2)
      tilt (~> 1.3, >= 1.3.3)
    thin (1.3.1)
      daemons (>= 1.0.9)
      eventmachine (>= 0.12.6)
      rack (>= 1.0.0)
    tilt (1.3.3)
    twitter-stream (0.1.16)
      eventmachine (>= 0.12.8)
      http_parser.rb (~> 0.5.1)
      simple_oauth (~> 0.1.4)
    websocket-rack (0.4.0)
      em-websocket (~> 0.3.6)
      eventmachine (~> 1.0.0.beta.4)
      rack
      thin
    yajl-ruby (1.1.0)

PLATFORMS
  ruby

DEPENDENCIES
  cld
  commander
  fnordmetric
  kermit
